PATH
  remote: .
  specs:
    openmeta (1.0.0.20121127013032)
      thor (>= 0.16.0)

GEM
  remote: https://rubygems.org/
  specs:
    hoe (3.3.1)
      rake (>= 0.8, < 11.0)
    json (1.7.5)
    minitest (4.3.1)
    rake (10.0.2)
    rdoc (3.12)
      json (~> 1.4)
    thor (0.16.0)

PLATFORMS
  ruby

DEPENDENCIES
  hoe (~> 3.3)
  minitest (>= 4.1.0)
  openmeta!
  rdoc (~> 3.10)
