GEM
  remote: https://rubygems.org/
  specs:
    hoe (3.5.2)
      rake (>= 0.8, < 11.0)

PLATFORMS
  ruby

DEPENDENCIES
  hoe (~> 3.5)
  rdoc (~> 3.10)
  thor (~> 0.17.0)
